GIT
  remote: git@task.zhiyisoft.com:bazaar/suyu/zeroc-ice-ruby
  revision: 740d5ec93b425530092b880e355e05e3e9d43cec
  specs:
    zeroc-ice-ruby (3.4.2)

PATH
  remote: .
  specs:
    uddi4r-client (0.0.1)
      bson_ext
      json
      mongo
      patron

GEM
  remote: http://rubygems.org/
  specs:
    bson (1.6.4)
    bson_ext (1.6.4)
      bson (~> 1.6.4)
    diff-lcs (1.1.3)
    json (1.7.3)
    metaclass (0.0.1)
    mocha (0.11.4)
      metaclass (~> 0.0.1)
    mongo (1.6.4)
      bson (~> 1.6.4)
    patron (0.4.18)
    rspec (2.10.0)
      rspec-core (~> 2.10.0)
      rspec-expectations (~> 2.10.0)
      rspec-mocks (~> 2.10.0)
    rspec-core (2.10.1)
    rspec-expectations (2.10.0)
      diff-lcs (~> 1.1.3)
    rspec-mocks (2.10.1)

PLATFORMS
  ruby

DEPENDENCIES
  mocha
  rspec
  rspec-expectations
  uddi4r-client!
  zeroc-ice-ruby!
