PATH
  remote: .
  specs:
    uddi4r-client (0.0.1)
      bson_ext
      json
      mongo
      patron

GEM
  remote: http://rubygems.org/
  specs:
    bson (1.6.4)
    bson_ext (1.6.4)
      bson (~> 1.6.4)
    diff-lcs (1.1.3)
    json (1.7.3)
    mongo (1.6.4)
      bson (~> 1.6.4)
    patron (0.4.18)
    rspec (2.10.0)
      rspec-core (~> 2.10.0)
      rspec-expectations (~> 2.10.0)
      rspec-mocks (~> 2.10.0)
    rspec-core (2.10.1)
    rspec-expectations (2.10.0)
      diff-lcs (~> 1.1.3)
    rspec-mocks (2.10.1)

PLATFORMS
  ruby

DEPENDENCIES
  rspec
  rspec-expectations
  uddi4r-client!
